GEM
  remote: https://rubygems.org/
  specs:
    addressable (2.2.8)
    backports (3.4.0)
    builder (3.2.2)
    data_objects (0.10.13)
      addressable (~> 2.1)
    dm-core (1.2.0)
      addressable (~> 2.2.6)
    dm-do-adapter (1.2.0)
      data_objects (~> 0.10.6)
      dm-core (~> 1.2.0)
    dm-migrations (1.2.0)
      dm-core (~> 1.2.0)
    dm-postgres-adapter (1.2.0)
      dm-do-adapter (~> 1.2.0)
      do_postgres (~> 0.10.6)
    dm-sqlite-adapter (1.2.0)
      dm-do-adapter (~> 1.2.0)
      do_sqlite3 (~> 0.10.6)
    do_postgres (0.10.13)
      data_objects (= 0.10.13)
    do_sqlite3 (0.10.13)
      data_objects (= 0.10.13)
    encrypted_cookie (0.0.4)
    ims-lti (1.1.4)
      builder
      oauth (~> 0.4.5)
      uuid
    json (1.8.0)
    macaddr (1.6.1)
      systemu (~> 2.5.0)
    multi_json (1.8.4)
    oauth (0.4.7)
    pg (0.15.1)
    rack (1.6.12)
    rack-protection (1.5.2)
      rack
    rack-test (0.6.2)
      rack (>= 1.0)
    shotgun (0.9)
      rack (>= 1.0)
    sinatra (1.4.4)
      rack (~> 1.4)
      rack-protection (~> 1.4)
      tilt (~> 1.3, >= 1.3.4)
    sinatra-contrib (1.4.2)
      backports (>= 2.0)
      multi_json
      rack-protection
      rack-test
      sinatra (~> 1.4.0)
      tilt (~> 1.3)
    sinatra-flash (0.3.0)
      sinatra (>= 1.0.0)
    systemu (2.5.2)
    tilt (1.4.1)
    uuid (2.3.7)
      macaddr (~> 1.0)

PLATFORMS
  ruby

DEPENDENCIES
  dm-core
  dm-migrations
  dm-postgres-adapter
  dm-sqlite-adapter
  encrypted_cookie
  ims-lti (>= 1.1.4)
  json
  pg
  shotgun
  sinatra (~> 1.4.4)
  sinatra-contrib (~> 1.4.2)
  sinatra-flash (~> 0.3.0)
